GEM
  remote: http://rubygems.org/
  specs:
    json_pure (1.5.1)

PLATFORMS
  ruby

DEPENDENCIES
  json_pure (~> 1.5)
