GEM
  remote: https://rubygems.org/
  specs:
    diffy (3.2.0)
    domain_name (0.5.20170223)
      unf (>= 0.0.5, < 1.0.0)
    faraday (0.11.0)
      multipart-post (>= 1.2, < 3)
    faraday-cookie_jar (0.0.6)
      faraday (>= 0.7.4)
      http-cookie (~> 1.0.0)
    faraday_middleware (0.11.0.1)
      faraday (>= 0.7.4, < 1.0)
    hash_validator (0.7.0)
    hashdiff (0.3.2)
    http-cookie (1.0.3)
      domain_name (~> 0.5)
    mediawiki_api (0.7.1)
      faraday (~> 0.9, >= 0.9.0)
      faraday-cookie_jar (~> 0.0, >= 0.0.6)
      faraday_middleware (~> 0.10, >= 0.10.0)
    multipart-post (2.0.0)
    net-ssh (4.1.0)
    ruby-ip (0.9.3)
    unf (0.1.4)
      unf_ext
    unf_ext (0.0.7.2)

PLATFORMS
  ruby

DEPENDENCIES
  diffy
  hash_validator
  hashdiff
  mediawiki_api
  net-ssh
  ruby-ip
