GEM
  remote: https://rubygems.org/
  specs:
    backports (3.10.3)
    diffy (3.2.0)
    dns-zone (0.3.1)
    domain_name (0.5.20170223)
      unf (>= 0.0.5, < 1.0.0)
    faraday (0.11.0)
      multipart-post (>= 1.2, < 3)
    faraday-cookie_jar (0.0.6)
      faraday (>= 0.7.4)
      http-cookie (~> 1.0.0)
    faraday_middleware (0.11.0.1)
      faraday (>= 0.7.4, < 1.0)
    hash_validator (0.7.0)
    hashdiff (0.3.2)
    http-cookie (1.0.3)
      domain_name (~> 0.5)
    ipaddress (0.8.3)
    json (2.0.3)
    mediawiki_api (0.7.1)
      faraday (~> 0.9, >= 0.9.0)
      faraday-cookie_jar (~> 0.0, >= 0.0.6)
      faraday_middleware (~> 0.10, >= 0.10.0)
    mime-types (3.1)
      mime-types-data (~> 3.2015)
    mime-types-data (3.2016.0521)
    multipart-post (2.0.0)
    net-ssh (4.1.0)
    net-ssh-gateway (2.0.0)
      net-ssh (>= 4.0.0)
    net-ssh-multi (1.2.1)
      net-ssh (>= 2.6.5)
      net-ssh-gateway (>= 1.2.0)
    netrc (0.11.0)
    peach (0.5.1)
    rest-client (2.0.1)
      http-cookie (>= 1.0.2, < 2.0)
      mime-types (>= 1.16, < 4.0)
      netrc (~> 0.8)
    restfully (0.6.3)
      backports
      json (>= 1.2.0)
      rest-client (>= 1.4)
    ruby-cute (0.7)
      ipaddress (>= 0.8)
      json (>= 1.8)
      net-ssh-multi (>= 1.2)
      rest-client (>= 1.6)
    ruby-ip (0.9.3)
    unf (0.1.4)
      unf_ext
    unf_ext (0.0.7.2)

PLATFORMS
  ruby

DEPENDENCIES
  diffy
  dns-zone
  hash_validator
  hashdiff
  mediawiki_api
  net-ssh
  peach
  restfully
  ruby-cute
  ruby-ip
