GIT
  remote: ssh://g5kadmin@git.grid5000.fr/srv/git/repos/cacti-play
  revision: d484885659dd56a30554df81c1143f623b7f0051
  tag: 2.7.3
  specs:
    cacti-play (2.7.3)
      net-admin-common (>= 2.5.2)

GIT
  remote: ssh://g5kadmin@git.grid5000.fr/srv/git/repos/net-admin-common
  revision: c8b01261f4d4d1615ef49ddd3599365b0ee2113b
  tag: 2.5.2
  specs:
    net-admin-common (2.5.2)
      net-ssh (>= 2.3.0)
      net-ssh-multi (>= 1.1)
      rest-client (>= 1.6.7)

GIT
  remote: ssh://g5kadmin@git.grid5000.fr/srv/git/repos/weathermap
  revision: 871c4cb51da09038efc68fe68bfb27354657e5fd
  tag: 5.7.3
  specs:
    weathermap (5.7.3)
      cacti-play (>= 2.7.3)
      interpolator (>= 0.15)
      ipaddress (>= 0.8.0)
      json (>= 1.7.0)
      net-admin-common (>= 2.5.2)

GEM
  remote: http://rubygems.org/
  specs:
    addressable (2.2.8)
    backports (2.5.1)
    bond (0.4.2)
    interpolator (0.15)
    ipaddress (0.8.0)
    json (1.7.0)
    json_pure (1.5.1)
    mime-types (1.18)
    net-ssh (2.5.2)
    net-ssh-gateway (1.1.0)
      net-ssh (>= 1.99.1)
    net-ssh-multi (1.1)
      net-ssh (>= 2.1.4)
      net-ssh-gateway (>= 0.99.0)
    rack (1.4.1)
    rack-cache (1.2)
      rack (>= 0.4)
    rake (0.9.2.2)
    rb-readline (0.4.2)
    rest-client (1.6.7)
      mime-types (>= 1.16)
    rest-client-components (1.2.0)
      rack (>= 1.0.1)
      rest-client (>= 1.6.0, < 1.7.0)
    restfully (1.0.5)
      addressable
      backports
      json (~> 1.5)
      rack-cache
      rb-readline
      rest-client (~> 1.6)
      rest-client-components
      ripl (= 0.6.1)
      ripl-color_streams
      ripl-multi_line
      ripl-play (~> 0.2.1)
      ripl-short_errors
    ripl (0.6.1)
      bond (~> 0.4.0)
    ripl-color_streams (0.1.2)
      ripl (>= 0.2.8)
    ripl-multi_line (0.3.0)
      ripl (>= 0.3.6)
    ripl-play (0.2.1)
      ripl (>= 0.3.0)
    ripl-short_errors (0.1.0)
      ripl (>= 0.2.8)

PLATFORMS
  ruby

DEPENDENCIES
  cacti-play!
  json_pure (~> 1.5)
  net-admin-common!
  rake (>= 0.9.2.2)
  restfully (= 1.0.5)
  weathermap!
