GIT
  remote: ssh://g5kadmin@git.grid5000.fr/srv/git/repos/cacti-play
  revision: 4a2b6cb6ae2d9f791a4529737491ea02eeeb58c8
  tag: 2.8
  specs:
    cacti-play (2.7.4)
      net-admin-common (>= 2.5.3)

GIT
  remote: ssh://g5kadmin@git.grid5000.fr/srv/git/repos/net-admin-common
  revision: 3985600064a0a583ee9a47b4d51c97bc94f291a2
  tag: 2.5.3
  specs:
    net-admin-common (2.5.3)
      net-ssh (>= 2.3.0)
      net-ssh-multi (>= 1.1)
      rest-client (>= 1.6.7)

GIT
  remote: ssh://g5kadmin@git.grid5000.fr/srv/git/repos/weathermap
  revision: a258691fb1bdfa8db04897fd593bc2f9d3264b53
  tag: 5.8.4
  specs:
    weathermap (5.8.2)
      cacti-play (>= 2.7.4)
      interpolator (>= 0.15)
      ipaddress (>= 0.8.0)
      json (>= 1.7.0)
      net-admin-common (>= 2.5.3)

GEM
  remote: http://rubygems.org/
  specs:
    addressable (2.3.2)
    backports (2.6.3)
    bond (0.4.2)
    interpolator (0.15)
    ipaddress (0.8.0)
    json (1.7.4)
    json_pure (1.7.4)
    mime-types (1.19)
    net-ssh (2.6.2)
    net-ssh-gateway (1.1.0)
      net-ssh (>= 1.99.1)
    net-ssh-multi (1.1)
      net-ssh (>= 2.1.4)
      net-ssh-gateway (>= 0.99.0)
    rack (1.4.1)
    rack-cache (1.2)
      rack (>= 0.4)
    rake (0.9.2.2)
    rb-readline (0.4.2)
    rest-client (1.6.7)
      mime-types (>= 1.16)
    rest-client-components (1.2.0)
      rack (>= 1.0.1)
      rest-client (>= 1.6.0, < 1.7.0)
    restfully (1.0.5)
      addressable
      backports
      json (~> 1.5)
      rack-cache
      rb-readline
      rest-client (~> 1.6)
      rest-client-components
      ripl (= 0.6.1)
      ripl-color_streams
      ripl-multi_line
      ripl-play (~> 0.2.1)
      ripl-short_errors
    ripl (0.6.1)
      bond (~> 0.4.0)
    ripl-color_streams (0.1.2)
      ripl (>= 0.2.8)
    ripl-multi_line (0.3.0)
      ripl (>= 0.3.6)
    ripl-play (0.2.1)
      ripl (>= 0.3.0)
    ripl-short_errors (0.1.0)
      ripl (>= 0.2.8)

PLATFORMS
  ruby

DEPENDENCIES
  cacti-play!
  json_pure (~> 1.5)
  net-admin-common!
  rake (>= 0.9.2.2)
  restfully (= 1.0.5)
  weathermap!
