GEM
  remote: http://rubygems.org/
  specs:
    json_pure (1.5.1)
    net-ssh (2.1.0)

PLATFORMS
  ruby

DEPENDENCIES
  json_pure (~> 1.5)
  net-ssh
