GEM
  remote: https://rubygems.org/
  specs:
    hashdiff (0.3.0)
    ipaddress (0.8.3)
    json (1.8.3)
    mime-types (3.0)
      mime-types-data (~> 3.2015)
    mime-types-data (3.2016.0221)
    net-ssh (3.1.1)
    net-ssh-gateway (1.2.0)
      net-ssh (>= 2.6.5)
    net-ssh-multi (1.2.1)
      net-ssh (>= 2.6.5)
      net-ssh-gateway (>= 1.2.0)
    peach (0.5.1)
    rest-client (1.6.7)
      mime-types (>= 1.16)
    ruby-cute (0.4)
      ipaddress (~> 0.8)
      json (~> 1.8)
      net-ssh-multi (~> 1.2)
      rest-client (= 1.6.7)

PLATFORMS
  ruby

DEPENDENCIES
  hashdiff
  net-ssh
  peach
  ruby-cute
